PATH
  remote: .
  specs:
    snowplow-emr-etl-runner (0.0.4)
      elasticity (~> 2.5)
      sluice (~> 0.0.1)

GEM
  remote: https://rubygems.org/
  specs:
    builder (3.0.0)
    elasticity (2.5)
      fog
      nokogiri
      rest-client
    excon (0.16.4)
    fog (1.6.0)
      builder
      excon (~> 0.14)
      formatador (~> 0.2.0)
      mime-types
      multi_json (~> 1.0)
      net-scp (~> 1.0.4)
      net-ssh (>= 2.1.3)
      nokogiri (~> 1.5.0)
      ruby-hmac
    formatador (0.2.3)
    jruby-pageant (1.1.1)
    mime-types (1.19)
    multi_json (1.3.6)
    net-scp (1.0.4)
      net-ssh (>= 1.99.1)
    net-ssh (2.6.0)
      jruby-pageant (>= 1.1.1)
    nokogiri (1.5.5)
    rest-client (1.6.7)
      mime-types (>= 1.16)
    ruby-hmac (0.4.0)
    sluice (0.0.1)
      fog (~> 1.6.0)

PLATFORMS
  ruby

DEPENDENCIES
  snowplow-emr-etl-runner!
