PATH
  remote: .
  specs:
    snowplow-etl (0.0.1)
      aws-s3 (~> 0.6.3)
      elasticity (~> 2.0)

GEM
  remote: https://rubygems.org/
  specs:
    aws-s3 (0.6.3)
      builder
      mime-types
      xml-simple
    builder (3.0.0)
    elasticity (2.1)
      nokogiri
      rest-client
    mime-types (1.19)
    nokogiri (1.5.5)
    rest-client (1.6.7)
      mime-types (>= 1.16)
    xml-simple (1.1.1)

PLATFORMS
  ruby

DEPENDENCIES
  snowplow-etl!
